GEM
  remote: https://rubygems.org/
  specs:
    activesupport (5.0.1)
      concurrent-ruby (~> 1.0, >= 1.0.2)
      i18n (~> 0.7)
      minitest (~> 5.1)
      tzinfo (~> 1.1)
    binding_of_caller (0.7.2)
      debug_inspector (>= 0.0.1)
    coderay (1.1.1)
    concurrent-ruby (1.0.4)
    debug_inspector (0.0.2)
    gruff (0.7.0)
      rmagick (~> 2.13, >= 2.13.4)
    i18n (0.8.0)
    interception (0.5)
    json (2.0.3)
    method_source (0.8.2)
    minitest (5.10.1)
    pry (0.10.4)
      coderay (~> 1.1.0)
      method_source (~> 0.8.1)
      slop (~> 3.4)
    pry-nav (0.2.4)
      pry (>= 0.9.10, < 0.11.0)
    pry-rescue (1.4.4)
      interception (>= 0.5)
      pry
    pry-stack_explorer (0.4.9.2)
      binding_of_caller (>= 0.7)
      pry (>= 0.9.11)
    rmagick (2.16.0)
    slop (3.6.0)
    thread_safe (0.3.5)
    tzinfo (1.2.2)
      thread_safe (~> 0.1)

PLATFORMS
  ruby

DEPENDENCIES
  activesupport (~> 5)
  bundler (>= 1.0.2)
  gruff (~> 0.7)
  json (~> 2.0)
  minitest (~> 5.10)
  pry (~> 0.10)
  pry-nav (~> 0.2)
  pry-rescue (~> 1.4)
  pry-stack_explorer (~> 0.4)

RUBY VERSION
   ruby 2.3.0p0

BUNDLED WITH
   1.14.3
